PATH
  remote: .
  specs:
    imgix-optimizer (0.0.1)

GEM
  remote: https://rubygems.org/
  specs:

PLATFORMS
  ruby

DEPENDENCIES
  imgix-optimizer!

BUNDLED WITH
   1.16.2
