PATH
  remote: .
  specs:
    imgix-optimizer (0.0.9)

GEM
  remote: https://rubygems.org/
  specs:
    rake (13.0.1)

PLATFORMS
  ruby

DEPENDENCIES
  imgix-optimizer!
  rake

BUNDLED WITH
   1.17.1
