PATH
  remote: .
  specs:
    imgix-optimizer (0.0.6)

GEM
  remote: https://rubygems.org/
  specs:
    rake (12.3.1)

PLATFORMS
  ruby

DEPENDENCIES
  imgix-optimizer!
  rake

BUNDLED WITH
   1.17.1
